PATH
  remote: .
  specs:
    gem_two (0.0.1)

GEM
  remote: https://rubygems.org/
  specs:
    rake (13.0.3)

PLATFORMS
  ruby

DEPENDENCIES
  bundler (~> 2.0)
  gem_two!
  rake

BUNDLED WITH
   2.1.4
